GEM
  remote: https://rubygems.org/
  specs:
    asciidoctor (1.5.0)
    asciidoctor-diagram (1.2.1)
      asciidoctor (~> 1.5.0)
      rjb (~> 1.4.8)
    rjb (1.4.9)
    slim (2.0.3)
      temple (~> 0.6.6)
      tilt (>= 1.3.3, < 2.1)
    temple (0.6.8)
    thread_safe (0.3.4)
    tilt (2.0.1)

PLATFORMS
  ruby
  x64-mingw32
  x86-mingw32

DEPENDENCIES
  asciidoctor
  asciidoctor-diagram
  slim
  thread_safe
  tilt
